GEM
  remote: http://rubygems.org/
  specs:
    addressable (2.2.2)
    em-http-request (0.2.14)
      addressable (>= 2.0.0)
      eventmachine (>= 0.12.9)
    em-websocket (0.1.4)
      addressable (>= 2.1.1)
      eventmachine (>= 0.12.9)
    eventmachine (0.12.10)

PLATFORMS
  ruby

DEPENDENCIES
  em-http-request (~> 0.2.14)
  em-websocket (~> 0.1.4)
