GEM
  remote: http://rubygems.org/
  specs:
    addressable (2.2.0)
    em-websocket (0.1.3)
      addressable (>= 2.1.1)
      eventmachine (>= 0.12.9)
    eventmachine (0.12.10)

PLATFORMS
  ruby

DEPENDENCIES
  em-websocket (~> 0.1.3)
